GEM
  remote: https://rubygems.org/
  specs:
    kgio (2.10.0)
    rack (1.6.13)
    rack-protection (1.5.5)
      rack
    raindrops (0.17.0)
    sinatra (1.4.7)
      rack (~> 1.5)
      rack-protection (~> 1.4)
      tilt (>= 1.3, < 3)
    sinatra-flash (0.3.0)
      sinatra (>= 1.0.0)
    sinatra-redirect-with-flash (0.2.1)
      sinatra (>= 1.0.0)
    tilt (2.0.5)
    unicorn (5.2.0)
      kgio (~> 2.6)
      raindrops (~> 0.7)

PLATFORMS
  ruby

DEPENDENCIES
  sinatra
  sinatra-flash
  sinatra-redirect-with-flash
  unicorn

BUNDLED WITH
   1.13.3
